GEM
  remote: https://rubygems.org/
  specs:
    pg (1.5.9)

PLATFORMS
  arm64-darwin-24
  ruby

DEPENDENCIES
  pg

RUBY VERSION
   ruby 3.3.6p108

BUNDLED WITH
   2.6.3
